GIT
  remote: git@github.com:ai/r18n.git
  revision: 84a26d2e9bdc89cd8553ec7aeeb7499adb98841b
  specs:
    r18n-core (0.4.14)

GIT
  remote: https://github.com/chriseppstein/compass.git
  revision: b40fa29e442a63c4865b9e4d0b5b8b0ae51f8602
  specs:
    compass (0.13.alpha.0.b40fa29)
      chunky_png (~> 1.2)
      fssm (>= 0.2.7)
      sass (~> 3.2.0.alpha.93)

GEM
  remote: http://rubygems.org/
  specs:
    chunky_png (1.2.5)
    coffee-script (2.2.0)
      coffee-script-source
      execjs
    coffee-script-source (1.2.0)
    execjs (1.3.0)
      multi_json (~> 1.0)
    fssm (0.2.8.1)
    haml (3.1.4)
    hike (1.2.1)
    libv8 (3.3.10.4)
    multi_json (1.1.0)
    rack (1.4.1)
    rake (0.9.2.2)
    sass (3.2.0.alpha.96)
    sprockets (2.3.1)
      hike (~> 1.2)
      multi_json (~> 1.0)
      rack (~> 1.0)
      tilt (~> 1.1, != 1.3.0)
    therubyracer (0.9.10)
      libv8 (~> 3.3.10)
    tilt (1.3.3)
    uglifier (1.2.3)
      execjs (>= 0.3.0)
      multi_json (>= 1.0.2)

PLATFORMS
  ruby

DEPENDENCIES
  coffee-script
  compass!
  fssm
  haml
  r18n-core!
  rake
  sprockets
  therubyracer
  uglifier
