GEM
  remote: http://rubygems.org/
  specs:
    ceaser-easing (0.6.1)
      compass (>= 0.12.2)
    chunky_png (1.2.7)
    coffee-script (2.2.0)
      coffee-script-source
      execjs
    coffee-script-source (1.4.0)
    compass (0.13.alpha.2.222937c)
      chunky_png (~> 1.2)
      listen (~> 0.5.3)
      sass (~> 3.2.0.alpha.93)
    execjs (1.4.0)
      multi_json (~> 1.0)
    hike (1.2.1)
    libv8 (3.11.8.13)
    listen (0.5.3)
    multi_json (1.6.1)
    r18n-core (1.1.4)
    rack (1.5.2)
    rack-protection (1.3.2)
      rack
    rake (10.0.3)
    ref (1.0.2)
    sass (3.2.5)
    sinatra (1.3.4)
      rack (~> 1.4)
      rack-protection (~> 1.3)
      tilt (~> 1.3, >= 1.3.3)
    slim (1.3.6)
      temple (~> 0.5.5)
      tilt (~> 1.3.3)
    sprockets (2.8.2)
      hike (~> 1.2)
      multi_json (~> 1.0)
      rack (~> 1.0)
      tilt (~> 1.1, != 1.3.0)
    temple (0.5.5)
    therubyracer (0.11.3)
      libv8 (~> 3.11.8.12)
      ref
    tilt (1.3.3)
    uglifier (1.3.0)
      execjs (>= 0.3.0)
      multi_json (~> 1.0, >= 1.0.2)

PLATFORMS
  ruby

DEPENDENCIES
  ceaser-easing
  coffee-script
  compass (~> 0.13.alpha.0)
  r18n-core
  rake
  sinatra
  slim
  sprockets
  therubyracer
  uglifier
