GEM
  remote: http://rubygems.org/
  specs:
    ceaser-easing (0.6.1)
      compass (>= 0.12.2)
    chunky_png (1.2.8)
    coffee-script (2.2.0)
      coffee-script-source
      execjs
    coffee-script-source (1.6.2)
    compass (0.13.alpha.4)
      chunky_png (~> 1.2)
      listen (<= 0.9.9)
      sass (~> 3.2.5)
    execjs (1.4.0)
      multi_json (~> 1.0)
    hike (1.2.2)
    libv8 (3.11.8.17)
    listen (0.7.3)
    multi_json (1.7.2)
    r18n-core (1.1.4)
    rack (1.5.2)
    rack-protection (1.5.0)
      rack
    rake (10.0.4)
    ref (1.0.4)
    sass (3.2.7)
    sinatra (1.4.2)
      rack (~> 1.5, >= 1.5.2)
      rack-protection (~> 1.4)
      tilt (~> 1.3, >= 1.3.4)
    slim (1.3.8)
      temple (~> 0.6.3)
      tilt (~> 1.3.3)
    sprockets (2.9.2)
      hike (~> 1.2)
      multi_json (~> 1.0)
      rack (~> 1.0)
      tilt (~> 1.1, != 1.3.0)
    temple (0.6.3)
    therubyracer (0.11.4)
      libv8 (~> 3.11.8.12)
      ref
    tilt (1.3.7)
    uglifier (2.0.1)
      execjs (>= 0.3.0)
      multi_json (~> 1.0, >= 1.0.2)

PLATFORMS
  ruby

DEPENDENCIES
  ceaser-easing
  coffee-script
  compass (~> 0.13.alpha.0)
  r18n-core
  rake
  sinatra
  slim
  sprockets
  therubyracer
  uglifier
